GEM
  remote: https://rubygems.org/
  specs:
    ast (2.0.0)
    coderay (1.1.0)
    colorize (0.7.3)
    diff-lcs (1.2.5)
    highline (1.6.21)
    json (1.8.1)
    method_source (0.8.2)
    net-ssh (2.9.1)
    parser (2.1.9)
      ast (>= 1.1, < 3.0)
      slop (~> 3.4, >= 3.4.5)
    powerpack (0.0.9)
    pry (0.10.0)
      coderay (~> 1.1.0)
      method_source (~> 0.8.1)
      slop (~> 3.4)
    rainbow (2.0.0)
    rake (10.3.2)
    rspec (2.99.0)
      rspec-core (~> 2.99.0)
      rspec-expectations (~> 2.99.0)
      rspec-mocks (~> 2.99.0)
    rspec-core (2.99.0)
    rspec-expectations (2.99.0)
      diff-lcs (>= 1.1.3, < 2.0)
    rspec-its (1.0.1)
      rspec-core (>= 2.99.0.beta1)
      rspec-expectations (>= 2.99.0.beta1)
    rspec-mocks (2.99.0)
    rubocop (0.23.0)
      json (>= 1.7.7, < 2)
      parser (~> 2.1.9)
      powerpack (~> 0.0.6)
      rainbow (>= 1.99.1, < 3.0)
      ruby-progressbar (~> 1.4)
    ruby-progressbar (1.5.1)
    serverspec (1.7.1)
      highline
      net-ssh
      rspec (~> 2.13)
      rspec-its
      specinfra (~> 1.13)
    slop (3.5.0)
    specinfra (1.16.0)

PLATFORMS
  ruby

DEPENDENCIES
  colorize
  pry
  rake
  rubocop
  serverspec
